GEM
  remote: http://rubygems.org/
  specs:
    crack (0.1.8)
    diff-lcs (1.1.3)
    haml (3.1.4)
    httparty (0.8.1)
      multi_json
      multi_xml
    json (1.6.5)
    multi_json (1.3.2)
    multi_xml (0.4.4)
    neography (0.0.26)
      crack (= 0.1.8)
      httparty (= 0.8.1)
      json
      os
      rake (>= 0.8.7)
      rubyzip
    net-http-spy (0.2.1)
    os (0.9.6)
    rack (1.4.1)
    rack-protection (1.2.0)
      rack
    rack-test (0.6.1)
      rack (>= 1.0)
    rake (0.9.2.2)
    rspec (2.8.0)
      rspec-core (~> 2.8.0)
      rspec-expectations (~> 2.8.0)
      rspec-mocks (~> 2.8.0)
    rspec-core (2.8.0)
    rspec-expectations (2.8.0)
      diff-lcs (~> 1.1.2)
    rspec-mocks (2.8.0)
    rubyzip (0.9.7)
    sinatra (1.3.2)
      rack (~> 1.3, >= 1.3.6)
      rack-protection (~> 1.2)
      tilt (~> 1.3, >= 1.3.3)
    tilt (1.3.3)

PLATFORMS
  ruby

DEPENDENCIES
  haml
  json
  neography (~> 0.0.26)
  net-http-spy
  rack-test
  rspec
  sinatra
